GEM
  remote: https://rubygems.org/
  specs:
    cinch (2.0.4)
    sequel (4.6.0)
    sqlite3 (1.3.8)

PLATFORMS
  ruby

DEPENDENCIES
  cinch
  sequel
  sqlite3
