GEM
  remote: https://rubygems.org/
  specs:
    cinch (2.0.4)
    coderay (1.0.9)
    method_source (0.8.1)
    progressbar (0.20.0)
    pry (0.9.12)
      coderay (~> 1.0.5)
      method_source (~> 0.8)
      slop (~> 3.4)
    rake (10.3.2)
    sequel (4.6.0)
    slop (3.4.3)
    sqlite3 (1.3.8)

PLATFORMS
  ruby

DEPENDENCIES
  cinch
  progressbar
  pry
  rake
  sequel
  sqlite3
