GEM
  remote: https://rubygems.org/
  specs:
    cinch (2.1.0)
    coderay (1.1.0)
    method_source (0.8.2)
    progressbar (0.21.0)
    pry (0.10.1)
      coderay (~> 1.1.0)
      method_source (~> 0.8.1)
      slop (~> 3.4)
    rake (10.3.2)
    sequel (4.14.0)
    slop (3.6.0)
    sqlite3 (1.3.9)

PLATFORMS
  ruby

DEPENDENCIES
  cinch
  progressbar
  pry
  rake
  sequel
  sqlite3
