GEM
  remote: https://rubygems.org/
  specs:
    bigdecimal (3.1.8)
    cinch (2.3.4)
    coderay (1.1.3)
    colorize (1.1.0)
    diff-lcs (1.5.1)
    ffi (1.16.3)
    formatador (1.1.0)
    guard (2.18.1)
      formatador (>= 0.2.4)
      listen (>= 2.7, < 4.0)
      lumberjack (>= 1.0.12, < 2.0)
      nenv (~> 0.1)
      notiffany (~> 0.0)
      pry (>= 0.13.0)
      shellany (~> 0.0)
      thor (>= 0.18.1)
    guard-compat (1.2.1)
    guard-rspec (4.7.3)
      guard (~> 2.1)
      guard-compat (~> 1.1)
      rspec (>= 2.99.0, < 4.0)
    listen (3.9.0)
      rb-fsevent (~> 0.10, >= 0.10.3)
      rb-inotify (~> 0.9, >= 0.9.10)
    lumberjack (1.2.10)
    method_source (1.1.0)
    nenv (0.3.0)
    notiffany (0.1.3)
      nenv (~> 0.1)
      shellany (~> 0.0)
    pg (1.5.6)
    progressbar (1.13.0)
    pry (0.14.2)
      coderay (~> 1.1)
      method_source (~> 1.0)
    rake (13.2.1)
    rb-fsevent (0.11.2)
    rb-inotify (0.11.1)
      ffi (~> 1.0)
    rspec (3.13.0)
      rspec-core (~> 3.13.0)
      rspec-expectations (~> 3.13.0)
      rspec-mocks (~> 3.13.0)
    rspec-core (3.13.0)
      rspec-support (~> 3.13.0)
    rspec-expectations (3.13.0)
      diff-lcs (>= 1.2.0, < 2.0)
      rspec-support (~> 3.13.0)
    rspec-mocks (3.13.1)
      diff-lcs (>= 1.2.0, < 2.0)
      rspec-support (~> 3.13.0)
    rspec-support (3.13.1)
    sequel (5.80.0)
      bigdecimal
    shellany (0.0.1)
    sqlite3 (2.0.1-aarch64-linux-gnu)
    sqlite3 (2.0.1-aarch64-linux-musl)
    sqlite3 (2.0.1-arm-linux-gnu)
    sqlite3 (2.0.1-arm-linux-musl)
    sqlite3 (2.0.1-arm64-darwin)
    sqlite3 (2.0.1-x86-linux-gnu)
    sqlite3 (2.0.1-x86-linux-musl)
    sqlite3 (2.0.1-x86_64-darwin)
    sqlite3 (2.0.1-x86_64-linux-gnu)
    sqlite3 (2.0.1-x86_64-linux-musl)
    thor (1.3.1)

PLATFORMS
  aarch64-linux-gnu
  aarch64-linux-musl
  arm-linux-gnu
  arm-linux-musl
  arm64-darwin
  x86-linux-gnu
  x86-linux-musl
  x86_64-darwin
  x86_64-linux-gnu
  x86_64-linux-musl

DEPENDENCIES
  cinch
  colorize
  guard-rspec
  pg
  progressbar
  pry
  rake
  rspec
  sequel
  sqlite3

BUNDLED WITH
   2.5.4
